GEM
  remote: https://rubygems.org/
  specs:
    albacore (0.3.4)
      rubyzip
    rake (10.0.3)
    rubyzip (0.9.9)

PLATFORMS
  x86-mingw32

DEPENDENCIES
  albacore
  bundler (>= 1.3.5)
  rake (= 10.0.3)
  rubyzip
